GEM
  remote: https://rubygems.org/
  specs:
    dalli (2.7.2)
    json (1.5.0)
    json (1.5.0-java)
    json-jruby (1.5.0-java)
      json (= 1.5.0)
    memcachier (0.0.2)
    rack (1.5.2)
    rack-cache (1.2)
      rack (>= 0.4)
    rack-protection (1.5.1)
      rack
    sinatra (1.4.4)
      rack (~> 1.4)
      rack-protection (~> 1.4)
      tilt (~> 1.3, >= 1.3.4)
    supermarket (0.0.5-java)
      json-jruby
    tilt (1.4.1)

PLATFORMS
  java
  ruby

DEPENDENCIES
  dalli
  memcachier
  rack-cache
  sinatra
  supermarket
