GEM
  remote: https://rubygems.org/
  specs:
    json (1.5.0-java)
    json-jruby (1.5.0-java)
      json (= 1.5.0)
    rack (1.5.2)
    rack-protection (1.5.1)
      rack
    sinatra (1.4.4)
      rack (~> 1.4)
      rack-protection (~> 1.4)
      tilt (~> 1.3, >= 1.3.4)
    supermarket (0.0.5-java)
      json-jruby
    tilt (1.4.1)

PLATFORMS
  java
  ruby

DEPENDENCIES
  sinatra
  supermarket
